GEM
  remote: https://rubygems.org/
  specs:
    addressable (2.8.0)
      public_suffix (>= 2.0.2, < 5.0)
    byebug (11.1.3)
    childprocess (4.1.0)
    connection_pool (2.2.5)
    csv (3.1.2)
    date (3.2.0)
    domain_name (0.5.20190701)
      unf (>= 0.0.5, < 1.0.0)
    http-cookie (1.0.4)
      domain_name (~> 0.5)
    httparty (0.20.0)
      mime-types (~> 3.0)
      multi_xml (>= 0.5.2)
    json (2.6.1)
    mechanize (2.8.2)
      addressable (~> 2.8)
      domain_name (~> 0.5, >= 0.5.20190701)
      http-cookie (~> 1.0, >= 1.0.3)
      mime-types (~> 3.0)
      net-http-digest_auth (~> 1.4, >= 1.4.1)
      net-http-persistent (>= 2.5.2, < 5.0.dev)
      nokogiri (~> 1.11, >= 1.11.2)
      rubyntlm (~> 0.6, >= 0.6.3)
      webrick (~> 1.7)
      webrobots (~> 0.1.2)
    mime-types (3.3.1)
      mime-types-data (~> 3.2015)
    mime-types-data (3.2021.0901)
    multi_xml (0.6.0)
    net-http-digest_auth (1.4.1)
    net-http-persistent (4.0.1)
      connection_pool (~> 2.2)
    nokogiri (1.12.5-x64-mingw32)
      racc (~> 1.4)
    nokogiri (1.12.5-x86_64-linux)
      racc (~> 1.4)
    open-uri (0.2.0)
      stringio
      time
      uri
    public_suffix (4.0.6)
    racc (1.6.0)
    rexml (3.2.5)
    rubyntlm (0.6.3)
    rubyzip (2.3.2)
    selenium-webdriver (4.0.3)
      childprocess (>= 0.5, < 5.0)
      rexml (~> 3.2, >= 3.2.5)
      rubyzip (>= 1.2.2)
    stringio (3.0.1)
    time (0.2.0)
      date
    unf (0.1.4)
      unf_ext
    unf_ext (0.0.8)
    unf_ext (0.0.8-x64-mingw32)
    uri (0.11.0)
    webrick (1.7.0)
    webrobots (0.1.2)

PLATFORMS
  x64-mingw32
  x86_64-linux

DEPENDENCIES
  byebug
  csv
  httparty
  json
  mechanize
  nokogiri
  open-uri
  selenium-webdriver

BUNDLED WITH
   2.2.30
